PATH
  remote: .
  specs:
    previews (0.0.3)
      hirb (~> 0.6.0)
      json (~> 1.6.3)

GEM
  remote: http://rubygems.org/
  specs:
    hirb (0.6.0)
    json (1.6.3)
    rake (0.9.2.2)
    rdoc (3.12)
      json (~> 1.4)

PLATFORMS
  ruby

DEPENDENCIES
  previews!
  rake (~> 0.9.2)
  rdoc
